PATH
  remote: .
  specs:
    sendgrid-ruby (4.0.4)
      ruby_http_client (~> 3.0.0)
      sinatra (~> 1.4.7)

GEM
  remote: http://rubygems.org/
  specs:
    minitest (5.9.1)
    rack (1.6.4)
    rack-protection (1.5.3)
      rack
    rake (0.9.6)
    ruby_http_client (3.0.0)
    sinatra (1.4.7)
      rack (~> 1.5)
      rack-protection (~> 1.4)
      tilt (>= 1.3, < 3)
    tilt (2.0.5)

PLATFORMS
  ruby

DEPENDENCIES
  minitest
  rake (~> 0)
  sendgrid-ruby!

BUNDLED WITH
   1.12.5
